PATH
  remote: .
  specs:
    weasyprint (0.1.0)

GEM
  remote: https://rubygems.org/
  specs:
    activesupport (7.1.2)
      base64
      bigdecimal
      concurrent-ruby (~> 1.0, >= 1.0.2)
      connection_pool (>= 2.2.5)
      drb
      i18n (>= 1.6, < 2)
      minitest (>= 5.1)
      mutex_m
      tzinfo (~> 2.0)
    base64 (0.2.0)
    bigdecimal (3.1.5)
    byebug (11.1.3)
    concurrent-ruby (1.2.2)
    connection_pool (2.4.1)
    diff-lcs (1.5.0)
    drb (2.2.0)
      ruby2_keywords
    i18n (1.14.1)
      concurrent-ruby (~> 1.0)
    minitest (5.20.0)
    mocha (2.1.0)
      ruby2_keywords (>= 0.0.5)
    mutex_m (0.2.0)
    psych (5.1.2)
      stringio
    rack (3.0.8)
    rack-test (2.1.0)
      rack (>= 1.3)
    rake (13.1.0)
    rdoc (6.6.2)
      psych (>= 4.0.0)
    rspec (3.12.0)
      rspec-core (~> 3.12.0)
      rspec-expectations (~> 3.12.0)
      rspec-mocks (~> 3.12.0)
    rspec-core (3.12.2)
      rspec-support (~> 3.12.0)
    rspec-expectations (3.12.3)
      diff-lcs (>= 1.2.0, < 2.0)
      rspec-support (~> 3.12.0)
    rspec-mocks (3.12.6)
      diff-lcs (>= 1.2.0, < 2.0)
      rspec-support (~> 3.12.0)
    rspec-support (3.12.1)
    ruby2_keywords (0.0.5)
    stringio (3.1.0)
    tzinfo (2.0.6)
      concurrent-ruby (~> 1.0)

PLATFORMS
  arm64-darwin-21

DEPENDENCIES
  activesupport (>= 7.1.2)
  byebug (~> 11.1.3)
  mocha (>= 2.1.0)
  rack-test (>= 2.1.0)
  rake (~> 13.1.0)
  rdoc (~> 6.6.2)
  rspec (~> 3.12.0)
  weasyprint!

BUNDLED WITH
   2.4.21
